PATH
  remote: ..
  specs:
    rollout_ui2 (0.5.0)
      sinatra (~> 2.0.1, >= 2.0.1)

GEM
  remote: https://rubygems.org/
  specs:
    coderay (1.1.2)
    ffi (1.11.1)
    listen (3.1.5)
      rb-fsevent (~> 0.9, >= 0.9.4)
      rb-inotify (~> 0.9, >= 0.9.7)
      ruby_dep (~> 1.2)
    method_source (0.9.2)
    mustermann (1.0.3)
    pry (0.12.2)
      coderay (~> 1.1.0)
      method_source (~> 0.9.0)
    rack (2.0.7)
    rack-protection (2.0.5)
      rack
    rb-fsevent (0.10.3)
    rb-inotify (0.10.0)
      ffi (~> 1.0)
    redis (4.1.1)
    redis-namespace (1.6.0)
      redis (>= 3.0.4)
    rerun (0.13.0)
      listen (~> 3.0)
    rollout (2.4.3)
    ruby_dep (1.5.0)
    sinatra (2.0.5)
      mustermann (~> 1.0)
      rack (~> 2.0)
      rack-protection (= 2.0.5)
      tilt (~> 2.0)
    tilt (2.0.9)

PLATFORMS
  ruby

DEPENDENCIES
  pry
  redis
  redis-namespace
  rerun
  rollout (>= 2.0.0)
  rollout_ui2!

BUNDLED WITH
   2.0.1
